GEM
  remote: http://rubygems.org/
  specs:
    addressable (2.3.3)
    backports (3.1.1)
    eventmachine (1.0.3)
    hashie (1.2.0)
    metainspector (1.15.2)
      addressable (~> 2.3.2)
      nokogiri (~> 1.5)
      open_uri_redirections (~> 0.1.0)
      rash (= 0.3.2)
    nokogiri (1.5.9)
    open_uri_redirections (0.1.1)
    rack (1.5.2)
    rack-protection (1.5.0)
      rack
    rack-test (0.6.2)
      rack (>= 1.0)
    rash (0.3.2)
      hashie (~> 1.2.0)
    sinatra (1.3.6)
      rack (~> 1.4)
      rack-protection (~> 1.3)
      tilt (~> 1.3, >= 1.3.3)
    sinatra-contrib (1.3.2)
      backports (>= 2.0)
      eventmachine
      rack-protection
      rack-test
      sinatra (~> 1.3.0)
      tilt (~> 1.3)
    tilt (1.3.6)

PLATFORMS
  ruby

DEPENDENCIES
  metainspector
  open_uri_redirections
  sinatra
  sinatra-contrib
